GEM
  remote: https://rubygems.org/
  specs:
    redcarpet (3.2.3)
    sass (3.4.14)
    slim (3.0.3)
      temple (~> 0.7.3)
      tilt (>= 1.3.3, < 2.1)
    temple (0.7.5)
    tilt (2.0.1)

PLATFORMS
  ruby

DEPENDENCIES
  redcarpet
  sass
  slim

BUNDLED WITH
   1.10.2
